GEM
  remote: https://rubygems.org/
  specs:
    addressable (2.3.8)
    aws-sdk (2.1.18)
      aws-sdk-resources (= 2.1.18)
    aws-sdk-core (2.1.18)
      jmespath (~> 1.0)
    aws-sdk-resources (2.1.18)
      aws-sdk-core (= 2.1.18)
    coderay (1.1.0)
    dotenv (2.0.2)
    down (1.1.0)
    fastimage (1.7.0)
      addressable (~> 2.3, >= 2.3.5)
    image_processing (0.2.3)
    jmespath (1.0.2)
      multi_json (~> 1.0)
    method_source (0.8.2)
    mini_magick (4.3.5)
    multi_json (1.11.2)
    pry (0.10.1)
      coderay (~> 1.1.0)
      method_source (~> 0.8.1)
      slop (~> 3.4)
    puma (2.13.4)
    rack (1.6.4)
    roda (2.6.0)
      rack
    sequel (4.26.0)
    slop (3.6.0)
    shrine (1.2.0)
      down (>= 1.0.5)
    sqlite3 (1.3.11)
    tilt (2.0.1)

PLATFORMS
  ruby

DEPENDENCIES
  aws-sdk (~> 2.1)
  dotenv
  fastimage
  image_processing (>= 0.2.3)
  mini_magick (~> 4.3.5)
  pry
  puma
  roda
  sequel
  shrine (~> 1.2)
  sqlite3
  tilt

BUNDLED WITH
   1.11.2
