GEM
  remote: https://rubygems.org/
  specs:
    addressable (2.3.8)
    aws-sdk (2.1.18)
      aws-sdk-resources (= 2.1.18)
    aws-sdk-core (2.1.18)
      jmespath (~> 1.0)
    aws-sdk-resources (2.1.18)
      aws-sdk-core (= 2.1.18)
    concurrent-ruby (1.0.0)
    dotenv (2.0.2)
    down (2.0.1)
    fastimage (1.7.0)
      addressable (~> 2.3, >= 2.3.5)
    image_processing (0.2.3)
    jmespath (1.0.2)
      multi_json (~> 1.0)
    mini_magick (4.3.5)
    multi_json (1.11.2)
    puma (3.1.1)
    rack (1.6.4)
    roda (2.6.0)
      rack
    sequel (4.26.0)
    shrine (1.3.0)
      down (>= 2.0.1)
    sqlite3 (1.3.11)
    sucker_punch (2.0.0)
      concurrent-ruby (~> 1.0.0)
    tilt (2.0.1)

PLATFORMS
  ruby

DEPENDENCIES
  aws-sdk (~> 2.1)
  dotenv
  fastimage
  image_processing (>= 0.2.3)
  mini_magick (~> 4.3.5)
  puma (~> 3.1.1)
  roda
  sequel
  shrine (~> 1.3)
  sqlite3
  sucker_punch (~> 2.0)
  tilt

BUNDLED WITH
   1.11.2
